GEM
  remote: https://rubygems.org/
  specs:
    activesupport (6.0.3.4)
      concurrent-ruby (~> 1.0, >= 1.0.2)
      i18n (>= 0.7, < 2)
      minitest (~> 5.1)
      tzinfo (~> 1.1)
      zeitwerk (~> 2.2, >= 2.2.2)
    concurrent-ruby (1.1.7)
    deep-freeze (1.0.1)
    elasticsearch (7.10.0)
      elasticsearch-api (= 7.10.0)
      elasticsearch-transport (= 7.10.0)
    elasticsearch-api (7.10.0)
      multi_json
    elasticsearch-transport (7.10.0)
      faraday (~> 1)
      multi_json
    ethon (0.12.0)
      ffi (>= 1.3.0)
    faraday (1.2.0)
      multipart-post (>= 1.2, < 3)
      ruby2_keywords
    ffi (1.14.2)
    i18n (1.8.5)
      concurrent-ruby (~> 1.0)
    minitest (5.14.2)
    multi_json (1.15.0)
    multipart-post (2.1.1)
    nio4r (2.5.4)
    prettier (1.1.0)
    puma (5.1.1)
      nio4r (~> 2.0)
    rack (2.2.3)
    rack-cors (1.1.1)
      rack (>= 2.0.0)
    ruby2_keywords (0.0.2)
    thread_safe (0.3.6)
    typhoeus (1.3.1)
      ethon (>= 0.9.0)
    tzinfo (1.2.9)
      thread_safe (~> 0.1)
    zeitwerk (2.4.2)

PLATFORMS
  ruby

DEPENDENCIES
  activesupport (~> 6.0.0)
  deep-freeze (~> 1.0.1)
  elasticsearch (~> 7.10.0)
  prettier (~> 1.1.0)
  puma (~> 5.1.1)
  rack (~> 2.2.3)
  rack-cors (~> 1.1.1)
  typhoeus (~> 1.3.1)

BUNDLED WITH
   2.1.4
